GEM
  remote: https://rubygems.org/
  specs:
    wkhtmltopdf-heroku (2.12.6.0)

PLATFORMS
  ruby

DEPENDENCIES
  wkhtmltopdf-heroku (= 2.12.6.0)

BUNDLED WITH
   1.17.2
